GIT
  remote: https://github.com/timgentry/midl-spark_sql.git
  revision: ca4b131a4b19ad1fecd3e06c20a7ec410d07cc1e
  ref: ca4b131
  branch: main
  specs:
    midl-spark_sql (0.1.0)
      activerecord
      midl
      sqlite3

GIT
  remote: https://github.com/timgentry/midl.git
  revision: 8fac19174ac33add952d34bc97409f899deb49b2
  ref: 8fac191
  branch: main
  specs:
    midl (0.1.0)
      treetop

GEM
  remote: https://rubygems.org/
  specs:
    activemodel (6.1.3.2)
      activesupport (= 6.1.3.2)
    activerecord (6.1.3.2)
      activemodel (= 6.1.3.2)
      activesupport (= 6.1.3.2)
    activesupport (6.1.3.2)
      concurrent-ruby (~> 1.0, >= 1.0.2)
      i18n (>= 1.6, < 2)
      minitest (>= 5.1)
      tzinfo (~> 2.0)
      zeitwerk (~> 2.3)
    addressable (2.7.0)
      public_suffix (>= 2.0.2, < 5.0)
    ast (2.4.2)
    brakeman (5.0.1)
    bundler-audit (0.8.0)
      bundler (>= 1.2.0, < 3)
      thor (~> 1.0)
    capistrano (2.15.9)
      highline
      net-scp (>= 1.0.0)
      net-sftp (>= 2.0.0)
      net-ssh (>= 2.0.14)
      net-ssh-gateway (>= 1.1.0)
    capybara (3.35.3)
      addressable
      mini_mime (>= 0.1.3)
      nokogiri (~> 1.8)
      rack (>= 1.6.0)
      rack-test (>= 0.6.3)
      regexp_parser (>= 1.5, < 3.0)
      xpath (~> 3.2)
    capybara-screenshot (1.0.25)
      capybara (>= 1.0, < 4)
      launchy
    charlock_holmes (0.7.7)
    childprocess (3.0.0)
    cliver (0.3.2)
    coderay (1.1.3)
    concurrent-ruby (1.1.8)
    docile (1.4.0)
    escape_utils (1.2.1)
    github-linguist (7.14.0)
      charlock_holmes (~> 0.7.7)
      escape_utils (~> 1.2.0)
      mini_mime (~> 1.0)
      rugged (>= 0.25.1)
    highline (2.0.3)
    i18n (1.8.10)
      concurrent-ruby (~> 1.0)
    launchy (2.5.0)
      addressable (~> 2.7)
    method_source (1.0.0)
    mini_mime (1.1.0)
    minitest (5.14.4)
    ndr_dev_support (6.0.0)
      activesupport (< 7)
      brakeman (>= 4.7.1)
      bundler-audit
      capistrano (~> 2.15)
      capybara (>= 3.34)
      capybara-screenshot
      github-linguist
      highline (>= 1.6.0)
      minitest (~> 5.11)
      parser
      poltergeist (>= 1.8.0)
      prometheus-client (~> 0.9.0)
      pry
      rainbow
      rubocop (~> 1.7)
      rubocop-rails (~> 2.9)
      rubocop-rake (~> 0.5)
      rugged
      selenium-webdriver
      show_me_the_cookies
      simplecov
      unicode-display_width (>= 1.3.3)
      webdrivers (>= 3.9)
      with_clean_rbenv
    net-scp (3.0.0)
      net-ssh (>= 2.6.5, < 7.0.0)
    net-sftp (3.0.0)
      net-ssh (>= 5.0.0, < 7.0.0)
    net-ssh (6.1.0)
    net-ssh-gateway (2.0.0)
      net-ssh (>= 4.0.0)
    nokogiri (1.11.3-x86_64-darwin)
      racc (~> 1.4)
    parallel (1.20.1)
    parser (3.0.1.1)
      ast (~> 2.4.1)
    poltergeist (1.18.1)
      capybara (>= 2.1, < 4)
      cliver (~> 0.3.1)
      websocket-driver (>= 0.2.0)
    polyglot (0.3.5)
    prometheus-client (0.9.0)
      quantile (~> 0.2.1)
    pry (0.14.1)
      coderay (~> 1.1)
      method_source (~> 1.0)
    public_suffix (4.0.6)
    quantile (0.2.1)
    racc (1.5.2)
    rack (2.2.3)
    rack-test (1.1.0)
      rack (>= 1.0, < 3)
    rainbow (3.0.0)
    rake (13.0.3)
    regexp_parser (2.1.1)
    rexml (3.2.5)
    rubocop (1.14.0)
      parallel (~> 1.10)
      parser (>= 3.0.0.0)
      rainbow (>= 2.2.2, < 4.0)
      regexp_parser (>= 1.8, < 3.0)
      rexml
      rubocop-ast (>= 1.5.0, < 2.0)
      ruby-progressbar (~> 1.7)
      unicode-display_width (>= 1.4.0, < 3.0)
    rubocop-ast (1.5.0)
      parser (>= 3.0.1.1)
    rubocop-minitest (0.12.1)
      rubocop (>= 0.90, < 2.0)
    rubocop-rails (2.10.1)
      activesupport (>= 4.2.0)
      rack (>= 1.1)
      rubocop (>= 1.7.0, < 2.0)
    rubocop-rake (0.5.1)
      rubocop
    ruby-progressbar (1.11.0)
    rubyzip (2.3.0)
    rugged (1.1.0)
    selenium-webdriver (3.142.7)
      childprocess (>= 0.5, < 4.0)
      rubyzip (>= 1.2.2)
    show_me_the_cookies (5.0.1)
      capybara (>= 2, < 4)
    simplecov (0.21.2)
      docile (~> 1.1)
      simplecov-html (~> 0.11)
      simplecov_json_formatter (~> 0.1)
    simplecov-html (0.12.3)
    simplecov_json_formatter (0.1.3)
    sqlite3 (1.4.2)
    thor (1.1.0)
    treetop (1.6.11)
      polyglot (~> 0.3)
    tzinfo (2.0.4)
      concurrent-ruby (~> 1.0)
    unicode-display_width (2.0.0)
    webdrivers (4.6.0)
      nokogiri (~> 1.6)
      rubyzip (>= 1.3.0)
      selenium-webdriver (>= 3.0, < 4.0)
    websocket-driver (0.7.3)
      websocket-extensions (>= 0.1.0)
    websocket-extensions (0.1.5)
    with_clean_rbenv (0.1.0)
    xpath (3.2.0)
      nokogiri (~> 1.8)
    zeitwerk (2.4.2)

PLATFORMS
  x86_64-darwin-20

DEPENDENCIES
  midl!
  midl-spark_sql!
  minitest (~> 5.0)
  ndr_dev_support (>= 3.1.3)
  rake (~> 13.0)
  rubocop (~> 1.7)
  rubocop-minitest

BUNDLED WITH
   2.2.17
